GEM
  remote: https://rubygems.org/
  specs:
    active_support (3.0.0)
      activesupport (= 3.0.0)
    activesupport (3.0.0)
    paint (0.8.6)
    perlin (0.2.0)

PLATFORMS
  ruby

DEPENDENCIES
  active_support
  paint
  perlin
